PATH
  remote: .
  specs:
    graphql-schema_directives (0.0.1)
      graphql (~> 1.9)

GEM
  remote: https://rubygems.org/
  specs:
    graphql (1.11.6)
    minitest (5.14.2)
    rake (12.3.3)
    warning (1.1.0)

PLATFORMS
  ruby

DEPENDENCIES
  bundler (~> 2.0)
  graphql-schema_directives!
  minitest (~> 5.12)
  rake (~> 12.0)
  warning (~> 1.1)

BUNDLED WITH
   2.1.4
